GEM
  remote: https://rubygems.org/
  specs:
    aws-sdk (1.8.5)
      json (~> 1.4)
      nokogiri (>= 1.4.4)
      uuidtools (~> 2.1)
    httparty (0.9.0)
      multi_json (~> 1.0)
      multi_xml
    json (1.7.7)
    multi_json (1.3.6)
    multi_xml (0.5.1)
    net-ssh (2.6.6)
    nokogiri (1.5.9)
    uuidtools (2.1.3)

PLATFORMS
  ruby

DEPENDENCIES
  aws-sdk
  httparty
  net-ssh
